GEM
  remote: https://rubygems.org/
  specs:
    addressable (2.8.0)
      public_suffix (>= 2.0.2, < 5.0)
    chunky_png (1.4.0)
    coderay (1.1.3)
    domain_name (0.5.20190701)
      unf (>= 0.0.5, < 1.0.0)
    excon (0.92.1)
    faraday (2.2.0)
      faraday-net_http (~> 2.0)
      ruby2_keywords (>= 0.0.4)
    faraday-net_http (2.0.1)
    hashie (5.0.0)
    http-cookie (1.0.4)
      domain_name (~> 0.5)
    jwt (2.3.0)
    method_source (1.0.0)
    mime-types (3.4.1)
      mime-types-data (~> 3.2015)
    mime-types-data (3.2022.0105)
    multi_json (1.15.0)
    multi_xml (0.6.0)
    mustermann (1.1.1)
      ruby2_keywords (~> 0.0.1)
    netrc (0.11.0)
    nio4r (2.5.8)
    oauth2 (1.4.9)
      faraday (>= 0.17.3, < 3.0)
      jwt (>= 1.0, < 3.0)
      multi_json (~> 1.3)
      multi_xml (~> 0.5)
      rack (>= 1.2, < 3)
    omniauth (2.0.4)
      hashie (>= 3.4.6)
      rack (>= 1.6.2, < 3)
      rack-protection
    omniauth-oauth2 (1.7.2)
      oauth2 (~> 1.4)
      omniauth (>= 1.9, < 3)
    pg (1.3.4)
    pry (0.14.1)
      coderay (~> 1.1)
      method_source (~> 1.0)
    public_suffix (4.0.6)
    puma (5.6.2)
      nio4r (~> 2.0)
    rack (2.2.3)
    rack-protection (2.2.0)
      rack
    rest-client (2.0.2)
      http-cookie (>= 1.0.2, < 2.0)
      mime-types (>= 1.16, < 4.0)
      netrc (~> 0.8)
    rqrcode (2.1.1)
      chunky_png (~> 1.0)
      rqrcode_core (~> 1.0)
    rqrcode_core (1.2.0)
    rspotify (2.11.1)
      addressable (~> 2.8.0)
      omniauth-oauth2 (>= 1.6)
      rest-client (~> 2.0.2)
    ruby2_keywords (0.0.5)
    sequel (5.54.0)
    sinatra (2.2.0)
      mustermann (~> 1.0)
      rack (~> 2.2)
      rack-protection (= 2.2.0)
      tilt (~> 2.0)
    tilt (2.0.10)
    unf (0.1.4)
      unf_ext
    unf_ext (0.0.8.1)

PLATFORMS
  arm64-darwin-21
  x86_64-linux

DEPENDENCIES
  excon
  pg
  pry
  puma
  rqrcode (~> 2.0)
  rspotify
  sequel
  sinatra

BUNDLED WITH
   2.3.9
